NUGET
  remote: https://pkgs.dev.azure.com/sdl/_packaging/SDLNuget/nuget/v3/index.json
    Castle.Core (4.4.1) - restriction: >= net47
    CommandLineParser (1.9.71) - restriction: >= net452
    log4net (2.0.8) - restriction: >= net452
    NLog (4.6.7) - restriction: >= net452
    NSubstitute (3.1.0) - restriction: >= net47
      Castle.Core (>= 4.2) - restriction: || (&& (>= net45) (< netstandard1.3)) (&& (< net45) (>= netstandard1.3)) (>= net46)
      System.Threading.Tasks.Extensions (>= 4.3) - restriction: || (&& (>= net45) (< netstandard1.3)) (&& (< net45) (>= netstandard1.3)) (>= net46)
    ObjectListView.Official (2.9.1) - restriction: >= net452
    Sdl.Autoupdate (16.0.0.39)
    Sdl.ThirdParty.PowerCollections (1.0.0)
    Sdl.Tools.Chainer (2.2.0.3)
      Sdl.ThirdParty.PowerCollections (>= 1.0)
    SDLKeys (2.0.0)
    System.Runtime.CompilerServices.Unsafe (4.7.1) - restriction: >= net47
    System.Threading.Tasks.Extensions (4.5.4) - restriction: >= net47
      System.Runtime.CompilerServices.Unsafe (>= 4.5.3) - restriction: || (&& (< monoandroid) (< monotouch) (< net45) (>= netstandard1.0) (< netstandard2.0) (< win8) (< wpa81) (< xamarintvos) (< xamarinwatchos)) (&& (< monoandroid) (< net45) (< netcoreapp2.1) (>= netstandard2.0) (< xamarinios) (< xamarinmac)) (&& (< monoandroid) (< netstandard1.0) (>= portable-net45+win8+wp8+wpa81) (< win8)) (&& (>= net45) (< netstandard2.0)) (>= net461) (&& (< netstandard1.0) (>= win8)) (&& (< netstandard2.0) (>= wpa81)) (>= wp8)
